GEM
  remote: https://rubygems.org/
  specs:
    cuba (3.8.0)
      rack (>= 1.6.0)
    puma (3.4.0)
    rack (2.0.1)
    tilt (2.0.2)

PLATFORMS
  ruby

DEPENDENCIES
  cuba (~> 3.8.0)
  puma (~> 3.4.0)
  tilt

BUNDLED WITH
   1.11.2
